PATH
  remote: .
  specs:
    advent2022 (0.1.0)

GEM
  remote: https://rubygems.org/
  specs:
    rake (13.0.6)

PLATFORMS
  arm64-darwin-21
  x86_64-darwin-21

DEPENDENCIES
  advent2022!
  rake (~> 13.0)

BUNDLED WITH
   2.3.22
