PATH
  remote: .
  specs:
    advent2022 (0.1.0)

GEM
  remote: https://rubygems.org/
  specs:
    coderay (1.1.3)
    method_source (1.0.0)
    pry (0.14.1)
      coderay (~> 1.1)
      method_source (~> 1.0)
    rake (13.0.6)

PLATFORMS
  arm64-darwin-21
  x86_64-darwin-21

DEPENDENCIES
  advent2022!
  pry
  rake (~> 13.0)

BUNDLED WITH
   2.3.7
